PATH
  remote: .
  specs:
    zen-engine-ruby (0.0.3-arm64-darwin)
      ffi (~> 1.17)
    zen-engine-ruby (0.0.3-x86_64-linux)
      ffi (~> 1.17)

GEM
  remote: https://rubygems.org/
  specs:
    ffi (1.17.0-arm64-darwin)
    ffi (1.17.0-x86_64-linux-gnu)
    minitest (5.25.2)

PLATFORMS
  arm64-darwin-21
  x86_64-linux

DEPENDENCIES
  minitest (~> 5.25)
  zen-engine-ruby!

BUNDLED WITH
   2.4.6
